PATH
  remote: .
  specs:
    reactive_resource (0.7.3)
      activeresource (>= 3.1)
      activesupport (>= 3.1)

GEM
  remote: https://rubygems.org/
  specs:
    activemodel (6.0.0)
      activesupport (= 6.0.0)
    activemodel-serializers-xml (1.0.2)
      activemodel (> 5.x)
      activesupport (> 5.x)
      builder (~> 3.1)
    activeresource (5.1.0)
      activemodel (>= 5.0, < 7)
      activemodel-serializers-xml (~> 1.0)
      activesupport (>= 5.0, < 7)
    activesupport (6.0.0)
      concurrent-ruby (~> 1.0, >= 1.0.2)
      i18n (>= 0.7, < 2)
      minitest (~> 5.1)
      tzinfo (~> 1.1)
      zeitwerk (~> 2.1, >= 2.1.8)
    addressable (2.2.2)
    builder (3.2.3)
    concurrent-ruby (1.1.5)
    crack (0.1.8)
    i18n (1.7.0)
      concurrent-ruby (~> 1.0)
    json (1.7.7)
    minitest (5.12.2)
    rake (0.9.2)
    rdoc (3.12.1)
      json (~> 1.4)
    shoulda (2.11.3)
    thread_safe (0.3.6)
    tzinfo (1.2.5)
      thread_safe (~> 0.1)
    webmock (1.6.2)
      addressable (>= 2.2.2)
      crack (>= 0.1.7)
    zeitwerk (2.2.0)

PLATFORMS
  ruby

DEPENDENCIES
  rake
  rdoc
  reactive_resource!
  shoulda (~> 2.11.3)
  webmock (~> 1.6.1)
